GEM
  remote: https://rubygems.org/
  specs:
    activesupport (4.2.1)
      i18n (~> 0.7)
      json (~> 1.7, >= 1.7.7)
      minitest (~> 5.1)
      thread_safe (~> 0.3, >= 0.3.4)
      tzinfo (~> 1.1)
    ansi (1.5.0)
    builder (3.2.3)
    concurrent-ruby (1.0.5)
    gemspec (0.3.1)
      activesupport (= 4.2.1)
      memoist (= 0.12.0)
      rake (~> 10.4)
    i18n (0.9.5)
      concurrent-ruby (~> 1.0)
    json (1.8.6)
    memoist (0.12.0)
    minitest (5.11.3)
    minitest-reporters (1.3.0)
      ansi
      builder
      minitest (>= 5.0)
      ruby-progressbar
    rake (10.5.0)
    ruby-progressbar (1.9.0)
    stamp (0.6.0)
    thread_safe (0.3.6)
    tzinfo (1.2.5)
      thread_safe (~> 0.1)

PLATFORMS
  ruby

DEPENDENCIES
  gemspec
  minitest (~> 5.11)
  minitest-reporters (~> 1.2)
  rake
  stamp (~> 0.6)

RUBY VERSION
   ruby 2.5.0p0

BUNDLED WITH
   1.16.1
